PATH
  remote: .
  specs:
    jekyll-post-image-generator (0.0.13)
      jekyll (>= 4.3.1)
      mini_magick (>= 4.11.0)

GEM
  remote: https://rubygems.org/
  specs:
    addressable (2.8.7)
      public_suffix (>= 2.0.2, < 7.0)
    ast (2.4.3)
    base64 (0.2.0)
    benchmark (0.4.0)
    colorator (1.1.0)
    concurrent-ruby (1.3.5)
    csv (3.3.2)
    diff-lcs (1.6.2)
    em-websocket (0.5.3)
      eventmachine (>= 0.12.9)
      http_parser.rb (~> 0)
    eventmachine (1.2.7)
    ffi (1.17.1)
    forwardable-extended (2.6.0)
    google-protobuf (3.25.6)
    http_parser.rb (0.8.0)
    i18n (1.14.7)
      concurrent-ruby (~> 1.0)
    jekyll (4.4.1)
      addressable (~> 2.4)
      base64 (~> 0.2)
      colorator (~> 1.0)
      csv (~> 3.0)
      em-websocket (~> 0.5)
      i18n (~> 1.0)
      jekyll-sass-converter (>= 2.0, < 4.0)
      jekyll-watch (~> 2.0)
      json (~> 2.6)
      kramdown (~> 2.3, >= 2.3.1)
      kramdown-parser-gfm (~> 1.0)
      liquid (~> 4.0)
      mercenary (~> 0.3, >= 0.3.6)
      pathutil (~> 0.9)
      rouge (>= 3.0, < 5.0)
      safe_yaml (~> 1.0)
      terminal-table (>= 1.8, < 4.0)
      webrick (~> 1.7)
    jekyll-sass-converter (3.0.0)
      sass-embedded (~> 1.54)
    jekyll-watch (2.2.1)
      listen (~> 3.0)
    json (2.12.2)
    kramdown (2.5.1)
      rexml (>= 3.3.9)
    kramdown-parser-gfm (1.1.0)
      kramdown (~> 2.0)
    language_server-protocol (3.17.0.5)
    lint_roller (1.1.0)
    liquid (4.0.4)
    listen (3.9.0)
      rb-fsevent (~> 0.10, >= 0.10.3)
      rb-inotify (~> 0.9, >= 0.9.10)
    logger (1.6.6)
    mercenary (0.4.0)
    mini_magick (5.2.0)
      benchmark
      logger
    parallel (1.27.0)
    parser (3.3.8.0)
      ast (~> 2.4.1)
      racc
    pathutil (0.16.2)
      forwardable-extended (~> 2.6)
    prism (1.4.0)
    public_suffix (5.1.1)
    racc (1.8.1)
    rainbow (3.1.1)
    rake (13.3.0)
    rb-fsevent (0.11.2)
    rb-inotify (0.11.1)
      ffi (~> 1.0)
    regexp_parser (2.10.0)
    rexml (3.4.0)
    rouge (4.5.1)
    rspec (3.13.1)
      rspec-core (~> 3.13.0)
      rspec-expectations (~> 3.13.0)
      rspec-mocks (~> 3.13.0)
    rspec-core (3.13.4)
      rspec-support (~> 3.13.0)
    rspec-expectations (3.13.5)
      diff-lcs (>= 1.2.0, < 2.0)
      rspec-support (~> 3.13.0)
    rspec-mocks (3.13.5)
      diff-lcs (>= 1.2.0, < 2.0)
      rspec-support (~> 3.13.0)
    rspec-support (3.13.4)
    rubocop (1.76.1)
      json (~> 2.3)
      language_server-protocol (~> 3.17.0.2)
      lint_roller (~> 1.1.0)
      parallel (~> 1.10)
      parser (>= 3.3.0.2)
      rainbow (>= 2.2.2, < 4.0)
      regexp_parser (>= 2.9.3, < 3.0)
      rubocop-ast (>= 1.45.0, < 2.0)
      ruby-progressbar (~> 1.7)
      unicode-display_width (>= 2.4.0, < 4.0)
    rubocop-ast (1.45.1)
      parser (>= 3.3.7.2)
      prism (~> 1.4)
    ruby-progressbar (1.13.0)
    safe_yaml (1.0.5)
    sass-embedded (1.63.6-arm64-darwin)
      google-protobuf (~> 3.23)
    sass-embedded (1.63.6-x64-mingw-ucrt)
      google-protobuf (~> 3.23)
    sass-embedded (1.63.6-x86_64-darwin)
      google-protobuf (~> 3.23)
    sass-embedded (1.63.6-x86_64-linux-gnu)
      google-protobuf (~> 3.23)
    sass-embedded (1.63.6-x86_64-linux-musl)
      google-protobuf (~> 3.23)
    terminal-table (3.0.2)
      unicode-display_width (>= 1.1.1, < 3)
    unicode-display_width (2.6.0)
    webrick (1.9.1)

PLATFORMS
  universal-darwin-22
  x64-mingw
  x86_64-linux-gnu
  x86_64-linux-musl

DEPENDENCIES
  bundler
  jekyll-post-image-generator!
  rake (~> 13.3.0)
  rspec (~> 3.0)
  rubocop

BUNDLED WITH
   2.5.11
